GEM
  remote: http://rubygems.org/
  specs:
    bubble-wrap (1.1.4)
    rake (0.9.2.2)
    teacup (0.3.12)
      rake

PLATFORMS
  ruby

DEPENDENCIES
  bubble-wrap
  teacup
